GIT
  remote: https://github.com/j-mcnally/capistrano-slack.git
  revision: 35112edc71d338fe8f881e36a9275e51d22e903c
  specs:
    capistrano-slack (1.3.2)
      activesupport (>= 3)
      capistrano
      capistrano-log_with_awesome (~> 0.0.2)

GEM
  remote: https://rubygems.org/
  specs:
    activesupport (4.1.6)
      i18n (~> 0.6, >= 0.6.9)
      json (~> 1.7, >= 1.7.7)
      minitest (~> 5.1)
      thread_safe (~> 0.1)
      tzinfo (~> 1.1)
    capistrano (3.2.1)
      i18n
      rake (>= 10.0.0)
      sshkit (~> 1.3)
    capistrano-log_with_awesome (0.0.2)
      capistrano (>= 2.5.14)
    colorize (0.7.3)
    i18n (0.6.11)
    json (1.8.1)
    minitest (5.4.2)
    net-scp (1.2.1)
      net-ssh (>= 2.6.5)
    net-ssh (2.9.1)
    rake (10.3.2)
    sshkit (1.5.1)
      colorize
      net-scp (>= 1.1.2)
      net-ssh (>= 2.8.0)
    thread_safe (0.3.4)
    tzinfo (1.2.2)
      thread_safe (~> 0.1)

PLATFORMS
  ruby

DEPENDENCIES
  capistrano (~> 3.2.1)
  capistrano-slack!
